GEM
  remote: https://rubygems.org/
  specs:
    childprocess (5.0.0)
    iniparse (1.5.0)
    overcommit (0.63.0)
      childprocess (>= 0.6.3, < 6)
      iniparse (~> 1.4)
      rexml (~> 3.2)
    rexml (3.2.6)

PLATFORMS
  x86_64-darwin-19

DEPENDENCIES
  overcommit

BUNDLED WITH
   2.3.26
